GEM
  remote: http://rubygems.org/
  specs:
    rack (1.3.0)
    sinatra (1.0)
      rack (>= 1.0)

PLATFORMS
  x86-mingw32

DEPENDENCIES
  sinatra
