GEM
  remote: http://rubygems.org/
  specs:
    bson (1.3.1)
    mongo (1.3.1)
      bson (>= 1.3.1)
    rack (1.3.0)
    sinatra (1.0)
      rack (>= 1.0)

PLATFORMS
  x86-mingw32

DEPENDENCIES
  mongo
  sinatra
